PATH
  remote: .
  specs:
    pejrpc (0.0.2)
      addressable
      json

GEM
  remote: http://rubygems.org/
  specs:
    addressable (2.2.2)
    json (2.6.1)

PLATFORMS
  ruby

DEPENDENCIES
  pejrpc!
